GEM
  remote: https://rubygems.org/
  specs:
    power_assert (2.0.3)
    rexml (3.2.5)
    rubyzip (2.3.2)
    selenium-webdriver (4.10.0)
      rexml (~> 3.2, >= 3.2.5)
      rubyzip (>= 1.2.2, < 3.0)
      websocket (~> 1.0)
    test-unit (3.6.0)
      power_assert
    websocket (1.2.9)

PLATFORMS
  x86_64-darwin-20

DEPENDENCIES
  selenium-webdriver
  test-unit

RUBY VERSION
   ruby 3.0.4p208

BUNDLED WITH
   2.4.7
